{
	"Modality": "MR",
	"MagneticFieldStrength": 3,
	"ImagingFrequency": 123.256,
	"Manufacturer": "Siemens",
	"ManufacturersModelName": "Prisma",
	"InstitutionName": "Yale_University_MRRC",
	"InstitutionalDepartmentName": "Department",
	"InstitutionAddress": "Cedar_300_New_Haven_CT_US_06519",
	"DeviceSerialNumber": "166033",
	"StationName": "AWP166033",
	"BodyPartExamined": "BRAIN",
	"PatientPosition": "HFS",
	"ProcedureStepDescription": "MRRC_Research_RTC",
	"SoftwareVersions": "syngo_MR_E11",
	"MRAcquisitionType": "2D",
	"SeriesDescription": "MB_bold_2mm_1TR_Resting_State_2_410",
	"ProtocolName": "MB_bold_2mm_1TR_Resting_State_2_410",
    "TaskName": "Rest",
	"ScanningSequence": "EP",
	"SequenceVariant": "SK_SS",
	"ScanOptions": "FS_EXT",
	"SequenceName": "epfid2d1_110",
	"ImageType": ["ORIGINAL", "PRIMARY", "M", "MB", "ND", "NORM", "MOSAIC"],
	"SeriesNumber": 20,
	"AcquisitionTime": "12:41:33.612500",
	"AcquisitionNumber": 1,
	"ImageComments": "Unaliased_MB5_PE4",
	"ConversionComments": "bisweb",
	"SliceThickness": 2,
	"SpacingBetweenSlices": 2,
	"SAR": 0.0703162,
	"EchoTime": 0.03,
	"RepetitionTime": 1,
	"FlipAngle": 55,
	"PartialFourier": 1,
	"BaseResolution": 110,
	"ShimSetting": [
		-1096,
		-885,
		-5474,
		578,
		-83,
		-222,
		-145,
		59	],
	"TxRefAmp": 208.585,
	"PhaseResolution": 1,
	"ReceiveCoilName": "HeadNeck_64",
	"ReceiveCoilActiveElements": "HC1-7;NC1",
	"PulseSequenceDetails": "%CustomerSeq%_cmrr_mbep2d_bold",
	"WipMemBlock": "345e7790-5037-4965-ba7c-6f07b8c40373||Sequence: R016 ve11c/master r/e634e98; Dec 19 2017 11:00:25 by eja",
	"ConsistencyInfo": "N4_VE11C_LATEST_20160120",
	"MultibandAccelerationFactor": 5,
	"PercentPhaseFOV": 100,
	"EchoTrainLength": 55,
	"PhaseEncodingSteps": 110,
	"AcquisitionMatrixPE": 110,
	"ReconMatrixPE": 110,
	"BandwidthPerPixelPhaseEncode": 27.137,
	"ParallelReductionFactorInPlane": 2,
	"EffectiveEchoSpacing": 0.000335001,
	"DerivedVendorReportedEchoSpacing": 0.000670001,
	"TotalReadoutTime": 0.0365151,
	"PixelBandwidth": 1895,
	"DwellTime": 2.4e-06,
	"PhaseEncodingDirection": "j-",
	"SliceTiming": [
		0,
		0.5225,
		0.065,
		0.5875,
		0.13,
		0.6525,
		0.195,
		0.7175,
		0.26,
		0.7825,
		0.325,
		0.8475,
		0.39,
		0.9125,
		0.4575,
		0,
		0.5225,
		0.065,
		0.5875,
		0.13,
		0.6525,
		0.195,
		0.7175,
		0.26,
		0.7825,
		0.325,
		0.8475,
		0.39,
		0.9125,
		0.4575,
		0,
		0.5225,
		0.065,
		0.5875,
		0.13,
		0.6525,
		0.195,
		0.7175,
		0.26,
		0.7825,
		0.325,
		0.8475,
		0.39,
		0.9125,
		0.4575,
		0,
		0.5225,
		0.065,
		0.5875,
		0.13,
		0.6525,
		0.195,
		0.7175,
		0.26,
		0.7825,
		0.325,
		0.8475,
		0.39,
		0.9125,
		0.4575,
		0,
		0.5225,
		0.065,
		0.5875,
		0.13,
		0.6525,
		0.195,
		0.7175,
		0.26,
		0.7825,
		0.325,
		0.8475,
		0.39,
		0.9125,
		0.4575	],
	"ImageOrientationPatientDICOM": [
		1,
		0,
		0,
		0,
		0.929776,
		-0.368125	],
	"InPlanePhaseEncodingDirectionDICOM": "COL",
	"ConversionSoftware": "dcm2niix",
	"ConversionSoftwareVersion": "v1.0.20181125  (JP2:OpenJPEG) (JP-LS:CharLS) GCC5.5.0"
}
